GEM
  remote: http://rubygems.org/
  specs:
    diff-lcs (1.1.3)
    git (1.2.5)
    jeweler (1.8.3)
      bundler (~> 1.0)
      git (>= 1.2.5)
      rake
      rdoc
    json (1.6.6)
    nokogiri (1.5.2)
    polyglot (0.3.3)
    rake (0.9.2.2)
    rcov (1.0.0)
    rdoc (3.12)
      json (~> 1.4)
    redcarpet (2.1.1)
    rspec (2.8.0)
      rspec-core (~> 2.8.0)
      rspec-expectations (~> 2.8.0)
      rspec-mocks (~> 2.8.0)
    rspec-core (2.8.0)
    rspec-expectations (2.8.0)
      diff-lcs (~> 1.1.2)
    rspec-mocks (2.8.0)
    rubyXL (1.2.7)
    rubyzip (0.9.7)
    treetop (1.4.10)
      polyglot
      polyglot (>= 0.3.1)
    yard (0.7.5)

PLATFORMS
  ruby

DEPENDENCIES
  bundler (~> 1.1.3)
  jeweler (~> 1.8.3)
  nokogiri (>= 1.4.4)
  rcov
  rdoc (~> 3.12)
  redcarpet
  rspec (~> 2.8.0)
  rubyXL (~> 1.2.7)
  rubyzip (>= 0.9.4)
  treetop (~> 1.4.10)
  yard (~> 0.7)
