GEM
  remote: http://rubygems.org/
  specs:
    diff-lcs (1.1.3)
    git (1.2.5)
    jeweler (1.8.4)
      bundler (~> 1.0)
      git (>= 1.2.5)
      rake
      rdoc
    json (1.7.7)
    nokogiri (1.5.6)
    polyglot (0.3.3)
    rake (10.0.3)
    rdoc (3.12.2)
      json (~> 1.4)
    redcarpet (2.2.2)
    rspec (2.12.0)
      rspec-core (~> 2.12.0)
      rspec-expectations (~> 2.12.0)
      rspec-mocks (~> 2.12.0)
    rspec-core (2.12.2)
    rspec-expectations (2.12.1)
      diff-lcs (~> 1.1.3)
    rspec-mocks (2.12.2)
    rubyXL (1.2.10)
    rubyzip (0.9.9)
    treetop (1.4.12)
      polyglot
      polyglot (>= 0.3.1)
    yard (0.8.5.2)

PLATFORMS
  ruby

DEPENDENCIES
  jeweler (~> 1.8.3)
  nokogiri (>= 1.4.4)
  rake
  rdoc (~> 3.12)
  redcarpet
  rspec (~> 2.12.0)
  rubyXL (~> 1.2.7)
  rubyzip (>= 0.9.4)
  treetop (~> 1.4.10)
  yard (~> 0.7)
