GEM
  remote: http://rubygems.org/
  specs:
    diff-lcs (1.1.3)
    ditz (0.5)
      trollop (>= 1.9)
    git (1.2.5)
    jeweler (1.8.3)
      bundler (~> 1.0)
      git (>= 1.2.5)
      rake
      rdoc
    json (1.7.3)
    nokogiri (1.5.2)
    polyglot (0.3.3)
    rake (0.9.2.2)
    rdoc (3.12)
      json (~> 1.4)
    redcarpet (2.1.1)
    rspec (2.9.0)
      rspec-core (~> 2.9.0)
      rspec-expectations (~> 2.9.0)
      rspec-mocks (~> 2.9.0)
    rspec-core (2.9.0)
    rspec-expectations (2.9.1)
      diff-lcs (~> 1.1.3)
    rspec-mocks (2.9.0)
    rubyXL (1.2.7)
    rubyzip (0.9.8)
    treetop (1.4.10)
      polyglot
      polyglot (>= 0.3.1)
    trollop (1.16.2)
    yard (0.8.1)

PLATFORMS
  ruby

DEPENDENCIES
  ditz
  jeweler (~> 1.8.3)
  nokogiri (>= 1.4.4)
  rake
  rdoc (~> 3.12)
  redcarpet
  rspec (~> 2.9.0)
  rubyXL (~> 1.2.7)
  rubyzip (>= 0.9.4)
  treetop (~> 1.4.10)
  yard (~> 0.7)
