GEM
  remote: http://rubygems.org/
  specs:
    awesome_print (1.1.0)
    byebug (2.7.0)
      columnize (~> 0.3)
      debugger-linecache (~> 1.2)
    celluloid (0.15.2)
      timers (~> 1.1.0)
    celluloid-io (0.15.0)
      celluloid (>= 0.15.0)
      nio4r (>= 0.5.0)
    coderay (1.1.0)
    columnize (0.3.6)
    debugger-linecache (1.2.0)
    diff-lcs (1.1.3)
    ffi (1.9.3)
    formatador (0.2.4)
    git (1.2.5)
    guard (2.6.0)
      formatador (>= 0.2.4)
      listen (~> 2.7)
      lumberjack (~> 1.0)
      pry (>= 0.9.12)
      thor (>= 0.18.1)
    guard-rspec (2.5.4)
      guard (>= 1.1)
      rspec (~> 2.11)
    jeweler (1.8.4)
      bundler (~> 1.0)
      git (>= 1.2.5)
      rake
      rdoc
    json (1.7.7)
    listen (2.7.1)
      celluloid (>= 0.15.2)
      celluloid-io (>= 0.15.0)
      rb-fsevent (>= 0.9.3)
      rb-inotify (>= 0.9)
    lumberjack (1.0.5)
    method_source (0.8.2)
    nio4r (1.0.0)
    nokogiri (1.5.6)
    polyglot (0.3.3)
    pry (0.9.12.6)
      coderay (~> 1.0)
      method_source (~> 0.8)
      slop (~> 3.4)
    rake (10.0.3)
    rb-fsevent (0.9.4)
    rb-inotify (0.9.3)
      ffi (>= 0.5.0)
    rdoc (3.12.2)
      json (~> 1.4)
    redcarpet (2.2.2)
    rspec (2.12.0)
      rspec-core (~> 2.12.0)
      rspec-expectations (~> 2.12.0)
      rspec-mocks (~> 2.12.0)
    rspec-core (2.12.2)
    rspec-expectations (2.12.1)
      diff-lcs (~> 1.1.3)
    rspec-mocks (2.12.2)
    rubyXL (1.2.10)
    rubyzip (0.9.9)
    slop (3.5.0)
    thor (0.19.1)
    timers (1.1.0)
    treetop (1.4.12)
      polyglot
      polyglot (>= 0.3.1)
    yard (0.8.5.2)

PLATFORMS
  ruby

DEPENDENCIES
  awesome_print
  byebug
  guard
  guard-rspec
  jeweler (~> 1.8.3)
  nokogiri (>= 1.4.4)
  rake
  rdoc (~> 3.12)
  redcarpet
  rspec (~> 2.12.0)
  rubyXL (~> 1.2.7)
  rubyzip (>= 0.9.4)
  treetop (~> 1.4.10)
  yard (~> 0.7)
